GEM
  remote: https://rubygems.org/
  specs:
    diff-lcs (1.3)
    httparty (0.15.5)
      multi_xml (>= 0.5.2)
    multi_xml (0.6.0)
    rack (2.0.3)
    rack-test (0.6.3)
      rack (>= 1.0)
    rake (12.0.0)
    roda (2.26.0)
      rack
    rspec (3.6.0)
      rspec-core (~> 3.6.0)
      rspec-expectations (~> 3.6.0)
      rspec-mocks (~> 3.6.0)
    rspec-core (3.6.0)
      rspec-support (~> 3.6.0)
    rspec-expectations (3.6.0)
      diff-lcs (>= 1.2.0, < 2.0)
      rspec-support (~> 3.6.0)
    rspec-mocks (3.6.0)
      diff-lcs (>= 1.2.0, < 2.0)
      rspec-support (~> 3.6.0)
    rspec-support (3.6.0)
    sequel (4.47.0)
    sqlite3 (1.3.13)

PLATFORMS
  ruby

DEPENDENCIES
  httparty (~> 0.15.5)
  rack-test (~> 0.6.3)
  rake (~> 12.0.0)
  roda (~> 2.26.0)
  rspec (~> 3.6.0)
  sequel (~> 4.47.0)
  sqlite3 (~> 1.3.13)

RUBY VERSION
   ruby 2.4.1p111

BUNDLED WITH
   1.14.6
