GEM
  remote: https://rubygems.org/
  specs:
    activesupport (5.1.1)
      concurrent-ruby (~> 1.0, >= 1.0.2)
      i18n (~> 0.7)
      minitest (~> 5.1)
      tzinfo (~> 1.1)
    concurrent-ruby (1.0.5)
    database_cleaner (1.6.1)
    diff-lcs (1.3)
    factory_girl (4.8.0)
      activesupport (>= 3.0.0)
    httparty (0.15.5)
      multi_xml (>= 0.5.2)
    i18n (0.8.4)
    minitest (5.10.2)
    multi_xml (0.6.0)
    rack (2.0.3)
    rack-test (0.6.3)
      rack (>= 1.0)
    rake (12.0.0)
    roda (2.26.0)
      rack
    rspec (3.6.0)
      rspec-core (~> 3.6.0)
      rspec-expectations (~> 3.6.0)
      rspec-mocks (~> 3.6.0)
    rspec-core (3.6.0)
      rspec-support (~> 3.6.0)
    rspec-expectations (3.6.0)
      diff-lcs (>= 1.2.0, < 2.0)
      rspec-support (~> 3.6.0)
    rspec-mocks (3.6.0)
      diff-lcs (>= 1.2.0, < 2.0)
      rspec-support (~> 3.6.0)
    rspec-support (3.6.0)
    sequel (4.47.0)
    sqlite3 (1.3.13)
    thread_safe (0.3.6)
    tzinfo (1.2.3)
      thread_safe (~> 0.1)

PLATFORMS
  ruby

DEPENDENCIES
  database_cleaner (~> 1.6.1)
  factory_girl (~> 4.8.0)
  httparty (~> 0.15.5)
  rack-test (~> 0.6.3)
  rake (~> 12.0.0)
  roda (~> 2.26.0)
  rspec (~> 3.6.0)
  sequel (~> 4.47.0)
  sqlite3 (~> 1.3.13)

RUBY VERSION
   ruby 2.4.1p111

BUNDLED WITH
   1.14.6
